GEM
  remote: http://rubygems.org/
  specs:
    abstract (1.0.0)
    actionmailer (3.0.1)
      actionpack (= 3.0.1)
      mail (~> 2.2.5)
    actionpack (3.0.1)
      activemodel (= 3.0.1)
      activesupport (= 3.0.1)
      builder (~> 2.1.2)
      erubis (~> 2.6.6)
      i18n (~> 0.4.1)
      rack (~> 1.2.1)
      rack-mount (~> 0.6.12)
      rack-test (~> 0.5.4)
      tzinfo (~> 0.3.23)
    activemodel (3.0.1)
      activesupport (= 3.0.1)
      builder (~> 2.1.2)
      i18n (~> 0.4.1)
    activerecord (3.0.1)
      activemodel (= 3.0.1)
      activesupport (= 3.0.1)
      arel (~> 1.0.0)
      tzinfo (~> 0.3.23)
    activeresource (3.0.1)
      activemodel (= 3.0.1)
      activesupport (= 3.0.1)
    activesupport (3.0.1)
    acts-as-taggable-on (2.0.6)
    arel (1.0.1)
      activesupport (~> 3.0.0)
    authlogic (2.1.6)
      activesupport
    builder (2.1.2)
    capybara (1.1.2)
      mime-types (>= 1.16)
      nokogiri (>= 1.3.3)
      rack (>= 1.0.0)
      rack-test (>= 0.5.4)
      selenium-webdriver (~> 2.0)
      xpath (~> 0.1.4)
    childprocess (0.2.5)
      ffi (~> 1.0.6)
    cucumber (1.1.4)
      builder (>= 2.1.2)
      diff-lcs (>= 1.1.2)
      gherkin (~> 2.7.1)
      json (>= 1.4.6)
      term-ansicolor (>= 1.0.6)
    cucumber-rails (1.2.1)
      capybara (>= 1.1.2)
      cucumber (>= 1.1.3)
      nokogiri (>= 1.5.0)
    database_cleaner (0.7.0)
    diff-lcs (1.1.3)
    erubis (2.6.6)
      abstract (>= 1.0.0)
    factory_girl (2.3.2)
      activesupport
    factory_girl_rails (1.4.0)
      factory_girl (~> 2.3.0)
      railties (>= 3.0.0)
    ffi (1.0.11)
    gherkin (2.7.2)
      json (>= 1.4.6)
    i18n (0.4.1)
    json (1.6.4)
    mail (2.2.7)
      activesupport (>= 2.3.6)
      mime-types
      treetop (>= 1.4.5)
    mime-types (1.16)
    multi_json (1.0.4)
    nokogiri (1.5.0)
    polyglot (0.3.1)
    rack (1.2.1)
    rack-mount (0.6.13)
      rack (>= 1.0.0)
    rack-test (0.5.6)
      rack (>= 1.0)
    rails (3.0.1)
      actionmailer (= 3.0.1)
      actionpack (= 3.0.1)
      activerecord (= 3.0.1)
      activeresource (= 3.0.1)
      activesupport (= 3.0.1)
      bundler (~> 1.0.0)
      railties (= 3.0.1)
    railties (3.0.1)
      actionpack (= 3.0.1)
      activesupport (= 3.0.1)
      rake (>= 0.8.4)
      thor (~> 0.14.0)
    rake (0.8.7)
    redcarpet (1.17.2)
    rspec (2.7.0)
      rspec-core (~> 2.7.0)
      rspec-expectations (~> 2.7.0)
      rspec-mocks (~> 2.7.0)
    rspec-core (2.7.1)
    rspec-expectations (2.7.0)
      diff-lcs (~> 1.1.2)
    rspec-mocks (2.7.0)
    rspec-rails (2.7.0)
      actionpack (~> 3.0)
      activesupport (~> 3.0)
      railties (~> 3.0)
      rspec (~> 2.7.0)
    rubyzip (0.9.5)
    sass (3.1.10)
    selenium-webdriver (2.16.0)
      childprocess (>= 0.2.5)
      ffi (~> 1.0.9)
      multi_json (~> 1.0.4)
      rubyzip
    sqlite3-ruby (1.3.1)
    term-ansicolor (1.0.7)
    thor (0.14.3)
    treetop (1.4.8)
      polyglot (>= 0.3.1)
    tzinfo (0.3.23)
    will_paginate (2.3.15)
    xpath (0.1.4)
      nokogiri (~> 1.3)

PLATFORMS
  ruby

DEPENDENCIES
  acts-as-taggable-on
  authlogic
  cucumber-rails (= 1.2.1)
  database_cleaner (= 0.7.0)
  factory_girl_rails
  rails (= 3.0.1)
  redcarpet
  rspec-rails (= 2.7.0)
  sass
  sqlite3-ruby
  will_paginate
